GEM
  remote: http://rubygems.org/
  specs:
    addressable (2.2.7)
    bson (1.6.1)
    bson_ext (1.6.1)
      bson (~> 1.6.1)
    faraday (0.7.6)
      addressable (~> 2.2)
      multipart-post (~> 1.1)
      rack (~> 1.1)
    json (1.6.5)
    mongo (1.6.1)
      bson (~> 1.6.1)
    multi_json (1.0.4)
    multipart-post (1.1.5)
    oauth2 (0.5.2)
      faraday (~> 0.7)
      multi_json (~> 1.0)
    rack (1.4.1)
    rack-protection (1.2.0)
      rack
    shotgun (0.9)
      rack (>= 1.0)
    sinatra (1.3.2)
      rack (~> 1.3, >= 1.3.6)
      rack-protection (~> 1.2)
      tilt (~> 1.3, >= 1.3.3)
    tilt (1.3.3)

PLATFORMS
  ruby

DEPENDENCIES
  bson_ext
  json
  mongo
  oauth2
  shotgun
  sinatra
